GEM
  remote: https://rubygems.org/
  specs:
    webrick (1.8.1)

PLATFORMS
  aarch64-linux
  ruby
  x86_64-linux

DEPENDENCIES
  webrick (~> 1.7)

BUNDLED WITH
   2.5.10
